GEM
  remote: http://rubygems.org/
  specs:
    activesupport (3.0.10)
    cri (1.0.1)
    haml (3.1.2)
    highline (1.6.2)
    i18n (0.5.0)
    kramdown (0.13.3)
    nanoc3 (3.1.9)
      cri (~> 1.0)
    simple-rss (1.2.3)

PLATFORMS
  ruby

DEPENDENCIES
  activesupport
  haml
  highline
  i18n
  kramdown
  nanoc3
  simple-rss
