GEM
  remote: http://rubygems.org/
  specs:
    activesupport (3.1.3)
      multi_json (~> 1.0)
    cri (2.0.2)
    haml (3.1.4)
    highline (1.6.8)
    i18n (0.6.0)
    kramdown (0.13.3)
    multi_json (1.0.4)
    nanoc3 (3.2.3)
      cri (~> 2.0)
    simple-rss (1.2.3)

PLATFORMS
  ruby

DEPENDENCIES
  activesupport
  haml
  highline
  i18n
  kramdown
  nanoc3
  simple-rss
